GIT
  remote: git://github.com/everypolitician/commons-builder.git
  revision: e7f6e52441ae04c6d4daf73fb5191bc68574633a
  specs:
    commons-builder (0.1.0)
      rest-client (~> 2.0.2)

GEM
  remote: https://rubygems.org/
  specs:
    domain_name (0.5.20180417)
      unf (>= 0.0.5, < 1.0.0)
    http-cookie (1.0.3)
      domain_name (~> 0.5)
    mime-types (3.1)
      mime-types-data (~> 3.2015)
    mime-types-data (3.2016.0521)
    netrc (0.11.0)
    rest-client (2.0.2)
      http-cookie (>= 1.0.2, < 2.0)
      mime-types (>= 1.16, < 4.0)
      netrc (~> 0.8)
    unf (0.1.4)
      unf_ext
    unf_ext (0.0.7.5)

PLATFORMS
  ruby

DEPENDENCIES
  commons-builder!

RUBY VERSION
   ruby 2.4.2p198

BUNDLED WITH
   1.16.1
